GEM
  remote: http://rubygems.org/
  specs:
    git (1.2.5)
    jeweler (1.5.1)
      bundler (~> 1.0.0)
      git (>= 1.2.5)
      rake
    json (1.4.6)
    net-ldap (0.1.1)
    rack (1.2.1)
    rake (0.8.7)
    rcov (0.9.9)
    shoulda (2.11.3)
    sinatra (1.1.0)
      rack (~> 1.1)
      tilt (~> 1.1)
    tilt (1.1)

PLATFORMS
  ruby

DEPENDENCIES
  bundler (~> 1.0.0)
  jeweler (~> 1.5.1)
  json
  net-ldap
  rcov
  shoulda
  sinatra
